GEM
  remote: https://rubygems.org/
  specs:
    rack (2.0.5)
    rack-refresher (1.1.0)
      rack
    rake (12.3.1)

PLATFORMS
  ruby

DEPENDENCIES
  rack (~> 2.0, >= 2.0.5)
  rack-refresher (~> 1.1)
  rake (~> 12.3, >= 12.3.1)

BUNDLED WITH
   1.16.0
